GIT
  remote: git://github.com/riseuplabs/greencloth
  revision: c4ed5a9cdda5c89d9efc37c4a6fc84fd83e1ea9f
  specs:
    greencloth (0.1)
      RedCloth (>= 4.2.2)

GIT
  remote: git://github.com/riseuplabs/uglify_html
  revision: 9a501655d53b3e9760d98a7655f6971ca8ee740e
  specs:
    uglify_html (0.12)
      hpricot

GIT
  remote: git://github.com/riseuplabs/undress
  revision: dc615e739e98f89900a36684b02c35872ccef604
  specs:
    undress (0.2.4)
      hpricot

GEM
  remote: http://rubygems.org/
  specs:
    RedCloth (4.2.3)
    actionmailer (2.3.9)
      actionpack (= 2.3.9)
    actionpack (2.3.9)
      activesupport (= 2.3.9)
      rack (~> 1.1.0)
    activerecord (2.3.9)
      activesupport (= 2.3.9)
    activeresource (2.3.9)
      activesupport (= 2.3.9)
    activesupport (2.3.9)
    after_commit (1.0.8)
      activerecord (< 3.0.0)
    blueprints (0.8.2)
      activesupport (>= 2.3.0)
      database_cleaner (~> 0.5.0)
    builder (2.1.2)
    compass (0.10.5)
      haml (>= 3.0.4)
    compass-susy-plugin (0.8.1)
      compass (>= 0.10.0)
    cucumber (0.9.2)
      builder (~> 2.1.2)
      diff-lcs (~> 1.1.2)
      gherkin (~> 2.2.5)
      json (~> 1.4.6)
      term-ansicolor (~> 1.0.5)
    database_cleaner (0.5.2)
    diff-lcs (1.1.2)
    faker (0.3.1)
    gherkin (2.2.9)
      json (~> 1.4.6)
      term-ansicolor (~> 1.0.5)
    haml (3.0.21)
    hpricot (0.8.2)
    json (1.4.6)
    machinist (1.0.6)
    mocha (0.9.8)
      rake
    nokogiri (1.4.3.1)
    packet (0.1.15)
    rack (1.1.0)
    rack-test (0.5.6)
      rack (>= 1.0)
    rails (2.3.9)
      actionmailer (= 2.3.9)
      actionpack (= 2.3.9)
      activerecord (= 2.3.9)
      activeresource (= 2.3.9)
      activesupport (= 2.3.9)
      rake (>= 0.8.3)
    rake (0.8.7)
    riddle (1.1.0)
    spork (0.8.4)
    term-ansicolor (1.0.5)
    thinking-sphinx (1.3.19)
      activerecord (>= 1.15.6)
      after_commit (>= 1.0.6)
      riddle (>= 1.0.10)
    webrat (0.7.1)
      nokogiri (>= 1.2.0)
      rack (>= 1.0)
      rack-test (>= 0.5.3)
    will_paginate (2.3.15)

PLATFORMS
  ruby

DEPENDENCIES
  RedCloth
  blueprints
  compass
  compass-susy-plugin
  cucumber (>= 0.6.2)
  faker (>= 0.3.1)
  greencloth!
  haml
  machinist
  mocha
  packet
  rails (= 2.3.9)
  spork (>= 0.7.3)
  thinking-sphinx (= 1.3.19)
  uglify_html!
  undress!
  webrat (>= 0.5.3)
  will_paginate
